GEM
  remote: http://rubygems.org/
  specs:
    bson (1.3.1)
    bson_ext (1.3.1)
    foreman (0.26.0)
      term-ansicolor (~> 1.0.5)
      thor (>= 0.13.6)
    kgio (2.6.0)
    mongo (1.3.1)
      bson (>= 1.3.1)
    rack (1.3.2)
    rack-contrib (1.1.0)
      rack (>= 0.9.1)
    raindrops (0.7.0)
    rake (0.9.2)
    sinatra (1.2.6)
      rack (~> 1.1)
      tilt (>= 1.2.2, < 2.0)
    term-ansicolor (1.0.7)
    thor (0.14.6)
    tilt (1.3.3)
    unicorn (4.1.1)
      kgio (~> 2.4)
      rack
      raindrops (~> 0.6)

PLATFORMS
  ruby

DEPENDENCIES
  bson_ext (~> 1.3.1)
  foreman (= 0.26.0)
  mongo (~> 1.3.1)
  rack-contrib (~> 1.1.0)
  rake (~> 0.9.2)
  sinatra (~> 1.2.6)
  unicorn (~> 4.1.1)
